GEM
  remote: https://rubygems.org/
  specs:
    git (1.4.0)
    rack (2.0.5)

PLATFORMS
  ruby

DEPENDENCIES
  git
  rack

RUBY VERSION
   ruby 2.5.1p57

BUNDLED WITH
   1.16.1
